GEM
  remote: https://rubygems.org/
  specs:
    thor (1.2.2)

PLATFORMS
  aarch64-linux
  arm64-darwin-22

DEPENDENCIES
  thor

BUNDLED WITH
   2.4.12
